NUGET
  remote: https://www.nuget.org/api/v2
    ImpromptuInterface (5.6.7) - framework: >= net40
    ImpromptuInterface.FSharp (1.1) - framework: >= net40
      ImpromptuInterface (>= 5.6.2)
    NuGet.CommandLine (3.4.3)
    Unquote (2.2.2) - framework: >= net40
    xunit (1.9.1) - framework: >= net40
